GEM
  specs:
    rake (12.0.0)

PLATFORMS
  ruby

DEPENDENCIES
  rake

RUBY VERSION
   ruby 2.4.4p296

BUNDLED WITH
   1.16.4
