GEM
  specs:
    rake (12.2.1)

PLATFORMS
  ruby

DEPENDENCIES
  rake

RUBY VERSION
   ruby 2.4.2

BUNDLED WITH
   1.15.2
